GEM
  remote: https://rubygems.org/
  specs:
    json (2.1.0)
    rack (2.0.6)

PLATFORMS
  ruby

DEPENDENCIES
  json
  rack

RUBY VERSION
   ruby 2.5.1p57

BUNDLED WITH
   1.16.6
